PATH
  remote: .
  specs:
    doi_query_tool (1.0.0)
      libxml-ruby (>= 2.6.0)

GEM
  remote: https://rubygems.org/
  specs:
    addressable (2.8.0)
      public_suffix (>= 2.0.2, < 5.0)
    crack (0.4.3)
      safe_yaml (~> 1.0.0)
    docile (1.3.2)
    hashdiff (1.0.0)
    json (2.6.1)
    libxml-ruby (3.1.0)
    power_assert (1.1.5)
    public_suffix (4.0.6)
    safe_yaml (1.0.5)
    simplecov (0.17.1)
      docile (~> 1.1)
      json (>= 1.8, < 3)
      simplecov-html (~> 0.10.0)
    simplecov-html (0.10.2)
    test-unit (3.3.4)
      power_assert
    vcr (3.0.3)
    webmock (2.3.2)
      addressable (>= 2.3.6)
      crack (>= 0.3.2)
      hashdiff

PLATFORMS
  ruby

DEPENDENCIES
  doi_query_tool!
  simplecov
  test-unit
  vcr (~> 3.0.3)
  webmock (~> 2.3.1)

BUNDLED WITH
   1.17.3
